GIT
  remote: git@github.com:conjurinc/api-ruby.git
  revision: f2cdbb1c12e6b0b924e2e012e888ab51f3e92709
  branch: dsl
  specs:
    conjur-api (4.2.0)
      activesupport
      rest-client

GIT
  remote: git@github.com:conjurinc/cli-ruby.git
  revision: 28ab7005cb66719b97f60c420a393aaf7f96a088
  branch: dsl
  specs:
    conjur-cli (4.2.0)
      cas_rest_client
      conjur-api (>= 4.0)
      deep_merge
      gli
      highline
      methadone
      netrc

GEM
  remote: https://rubygems.org/
  specs:
    activesupport (4.0.0)
      i18n (~> 0.6, >= 0.6.4)
      minitest (~> 4.2)
      multi_json (~> 1.3)
      thread_safe (~> 0.1)
      tzinfo (~> 0.3.37)
    atomic (1.1.14)
    cas_rest_client (1.3)
      rest-client (>= 1.4.2)
    conjur-asset-environment-api (0.2.6)
      conjur-api
    conjur-asset-layer-api (0.2.1)
      conjur-api
      conjur-asset-environment-api
    deep_merge (1.0.0)
    gli (2.8.1)
    highline (1.6.20)
    i18n (0.6.5)
    methadone (1.3.1)
      bundler
    mime-types (2.0)
    minitest (4.7.5)
    multi_json (1.8.2)
    netrc (0.7.7)
    rest-client (1.6.7)
      mime-types (>= 1.16)
    thread_safe (0.1.3)
      atomic
    tzinfo (0.3.38)

PLATFORMS
  ruby

DEPENDENCIES
  conjur-api!
  conjur-asset-environment-api
  conjur-asset-layer-api
  conjur-cli!
